GEM
  remote: https://rubygems.org/
  specs:
    actionmailer (4.2.4)
      actionpack (= 4.2.4)
      actionview (= 4.2.4)
      activejob (= 4.2.4)
      mail (~> 2.5, >= 2.5.4)
      rails-dom-testing (~> 1.0, >= 1.0.5)
    actionpack (4.2.4)
      actionview (= 4.2.4)
      activesupport (= 4.2.4)
      rack (~> 1.6)
      rack-test (~> 0.6.2)
      rails-dom-testing (~> 1.0, >= 1.0.5)
      rails-html-sanitizer (~> 1.0, >= 1.0.2)
    actionview (4.2.4)
      activesupport (= 4.2.4)
      builder (~> 3.1)
      erubis (~> 2.7.0)
      rails-dom-testing (~> 1.0, >= 1.0.5)
      rails-html-sanitizer (~> 1.0, >= 1.0.2)
    activejob (4.2.4)
      activesupport (= 4.2.4)
      globalid (>= 0.3.0)
    activemodel (4.2.4)
      activesupport (= 4.2.4)
      builder (~> 3.1)
    activerecord (4.2.4)
      activemodel (= 4.2.4)
      activesupport (= 4.2.4)
      arel (~> 6.0)
    activesupport (4.2.4)
      i18n (~> 0.7)
      json (~> 1.7, >= 1.7.7)
      minitest (~> 5.1)
      thread_safe (~> 0.3, >= 0.3.4)
      tzinfo (~> 1.1)
    arel (6.0.4)
    authority (3.3.0)
      activesupport (>= 3.0.0)
    autoprefixer-rails (9.5.1.1)
      execjs
    bcrypt (3.1.12)
    bcrypt (3.1.12-x64-mingw32)
    binding_of_caller (0.8.0)
      debug_inspector (>= 0.0.1)
    bootstrap-datepicker-rails (1.8.0.1)
      railties (>= 3.0)
    bootstrap-sass (3.3.7)
      autoprefixer-rails (>= 5.2.1)
      sass (>= 3.3.4)
    bootstrap-will_paginate (1.0.0)
      will_paginate
    builder (3.2.3)
    byebug (11.0.1)
    carrierwave (1.3.1)
      activemodel (>= 4.0.0)
      activesupport (>= 4.0.0)
      mime-types (>= 1.16)
    chosen-rails (1.8.7)
      coffee-rails (>= 3.2)
      railties (>= 3.0)
      sass-rails (>= 3.2)
    chunky_png (1.3.11)
    climate_control (0.2.0)
    cocaine (0.5.8)
      climate_control (>= 0.0.3, < 1.0)
    coffee-rails (4.1.1)
      coffee-script (>= 2.2.0)
      railties (>= 4.0.0, < 5.1.x)
    coffee-script (2.4.1)
      coffee-script-source
      execjs
    coffee-script-source (1.12.2)
    compass (1.0.3)
      chunky_png (~> 1.2)
      compass-core (~> 1.0.2)
      compass-import-once (~> 1.0.5)
      rb-fsevent (>= 0.9.3)
      rb-inotify (>= 0.9)
      sass (>= 3.3.13, < 3.5)
    compass-core (1.0.3)
      multi_json (~> 1.0)
      sass (>= 3.3.0, < 3.5)
    compass-import-once (1.0.5)
      sass (>= 3.2, < 3.5)
    compass-rails (2.0.5)
      compass (~> 1.0.0)
      sass-rails (< 5.1)
      sprockets (< 2.13)
    concurrent-ruby (1.1.5)
    crass (1.0.4)
    debug_inspector (0.0.3)
    devise (4.6.2)
      bcrypt (~> 3.0)
      orm_adapter (~> 0.1)
      railties (>= 4.1.0, < 6.0)
      responders
      warden (~> 1.2.3)
    diff-lcs (1.3)
    docile (1.3.1)
    elasticsearch (7.0.0)
      elasticsearch-api (= 7.0.0)
      elasticsearch-transport (= 7.0.0)
    elasticsearch-api (7.0.0)
      multi_json
    elasticsearch-transport (7.0.0)
      faraday
      multi_json
    erubis (2.7.0)
    execjs (2.7.0)
    faker (1.9.3)
      i18n (>= 0.7)
    faraday (0.15.4)
      multipart-post (>= 1.2, < 3)
    ffi (1.10.0)
    ffi (1.10.0-x64-mingw32)
    figaro (1.1.1)
      thor (~> 0.14)
    globalid (0.4.2)
      activesupport (>= 4.2.0)
    hashie (3.6.0)
    hike (1.2.3)
    i18n (0.9.5)
      concurrent-ruby (~> 1.0)
    jbuilder (2.9.1)
      activesupport (>= 4.2.0)
    jquery-rails (4.3.3)
      rails-dom-testing (>= 1, < 3)
      railties (>= 4.2.0)
      thor (>= 0.14, < 2.0)
    jquery-turbolinks (2.1.0)
      railties (>= 3.1.0)
      turbolinks
    json (1.8.6)
    loofah (2.2.3)
      crass (~> 1.0.2)
      nokogiri (>= 1.5.9)
    mail (2.7.1)
      mini_mime (>= 0.1.1)
    mailboxer (0.14.0)
      carrierwave (>= 0.5.8)
      rails (>= 4.2.0)
    mime-types (3.2.2)
      mime-types-data (~> 3.2015)
    mime-types-data (3.2019.0331)
    mimemagic (0.3.0)
    mini_mime (1.0.1)
    mini_portile2 (2.4.0)
    minitest (5.11.3)
    multi_json (1.13.1)
    multipart-post (2.1.1)
    nokogiri (1.10.3)
      mini_portile2 (~> 2.4.0)
    nokogiri (1.10.3-x64-mingw32)
      mini_portile2 (~> 2.4.0)
    orm_adapter (0.5.0)
    paperclip (4.3.7)
      activemodel (>= 3.2.0)
      activesupport (>= 3.2.0)
      cocaine (~> 0.5.5)
      mime-types
      mimemagic (= 0.3.0)
    pg (0.21.0)
    pg (0.21.0-x64-mingw32)
    rack (1.6.11)
    rack-test (0.6.3)
      rack (>= 1.0)
    rails (4.2.4)
      actionmailer (= 4.2.4)
      actionpack (= 4.2.4)
      actionview (= 4.2.4)
      activejob (= 4.2.4)
      activemodel (= 4.2.4)
      activerecord (= 4.2.4)
      activesupport (= 4.2.4)
      bundler (>= 1.3.0, < 2.0)
      railties (= 4.2.4)
      sprockets-rails
    rails-deprecated_sanitizer (1.0.3)
      activesupport (>= 4.2.0.alpha)
    rails-dom-testing (1.0.9)
      activesupport (>= 4.2.0, < 5.0)
      nokogiri (~> 1.6)
      rails-deprecated_sanitizer (>= 1.0.1)
    rails-html-sanitizer (1.0.4)
      loofah (~> 2.2, >= 2.2.2)
    railties (4.2.4)
      actionpack (= 4.2.4)
      activesupport (= 4.2.4)
      rake (>= 0.8.7)
      thor (>= 0.18.1, < 2.0)
    rake (12.3.2)
    rb-fsevent (0.10.3)
    rb-inotify (0.10.0)
      ffi (~> 1.0)
    rdoc (4.3.0)
    responders (2.4.1)
      actionpack (>= 4.2.0, < 6.0)
      railties (>= 4.2.0, < 6.0)
    rolify (5.2.0)
    rspec-core (3.8.0)
      rspec-support (~> 3.8.0)
    rspec-expectations (3.8.3)
      diff-lcs (>= 1.2.0, < 2.0)
      rspec-support (~> 3.8.0)
    rspec-mocks (3.8.0)
      diff-lcs (>= 1.2.0, < 2.0)
      rspec-support (~> 3.8.0)
    rspec-rails (3.8.2)
      actionpack (>= 3.0)
      activesupport (>= 3.0)
      railties (>= 3.0)
      rspec-core (~> 3.8.0)
      rspec-expectations (~> 3.8.0)
      rspec-mocks (~> 3.8.0)
      rspec-support (~> 3.8.0)
    rspec-support (3.8.0)
    sass (3.4.25)
    sass-rails (5.0.7)
      railties (>= 4.0.0, < 6)
      sass (~> 3.1)
      sprockets (>= 2.8, < 4.0)
      sprockets-rails (>= 2.0, < 4.0)
      tilt (>= 1.1, < 3)
    sdoc (0.4.2)
      json (~> 1.7, >= 1.7.7)
      rdoc (~> 4.0)
    searchkick (1.5.1)
      activemodel
      elasticsearch (>= 1)
      hashie
    simplecov (0.16.1)
      docile (~> 1.1)
      json (>= 1.8, < 3)
      simplecov-html (~> 0.10.0)
    simplecov-html (0.10.2)
    spring (2.0.2)
      activesupport (>= 4.2)
    sprockets (2.12.5)
      hike (~> 1.2)
      multi_json (~> 1.0)
      rack (~> 1.0)
      tilt (~> 1.1, != 1.3.0)
    sprockets-rails (2.3.3)
      actionpack (>= 3.0)
      activesupport (>= 3.0)
      sprockets (>= 2.8, < 4.0)
    thor (0.20.3)
    thread_safe (0.3.6)
    tilt (1.4.1)
    turbolinks (5.2.0)
      turbolinks-source (~> 5.2)
    turbolinks-source (5.2.0)
    tzinfo (1.2.5)
      thread_safe (~> 0.1)
    tzinfo-data (1.2019.1)
      tzinfo (>= 1.0.0)
    uglifier (4.1.20)
      execjs (>= 0.3.0, < 3)
    warden (1.2.7)
      rack (>= 1.0)
    web-console (2.3.0)
      activemodel (>= 4.0)
      binding_of_caller (>= 0.7.2)
      railties (>= 4.0)
      sprockets-rails (>= 2.0, < 4.0)
    will_paginate (3.1.7)

PLATFORMS
  ruby
  x64-mingw32

DEPENDENCIES
  authority
  bcrypt (~> 3.1, >= 3.1.10)
  bootstrap-datepicker-rails
  bootstrap-sass (~> 3.3.5)
  bootstrap-will_paginate
  bundler (~> 1.11, >= 1.11.2)
  byebug
  chosen-rails
  coffee-rails (~> 4.1.0)
  compass-rails (~> 2.0.4)
  devise
  faker (~> 1.6, >= 1.6.1)
  figaro
  jbuilder (~> 2.0)
  jquery-rails
  jquery-turbolinks
  mailboxer
  paperclip (~> 4.3)
  pg (~> 0.15)
  rails (= 4.2.4)
  rolify
  rspec-rails (~> 3.8)
  sass-rails (~> 5.0)
  sdoc (~> 0.4.0)
  searchkick (~> 1.1, >= 1.1.1)
  simplecov
  spring
  turbolinks
  tzinfo-data
  uglifier (>= 1.3.0)
  web-console (~> 2.0)
  will_paginate

BUNDLED WITH
   1.17.3
